GEM
  remote: https://rubygems.org/
  specs:
    coderay (1.1.2)
    highline (2.0.0)
    httparty (0.14.0)
      multi_xml (>= 0.5.2)
    lastpass (1.5.0)
      httparty (~> 0.14.0)
    method_source (0.9.0)
    multi_xml (0.6.0)
    pry (0.11.3)
      coderay (~> 1.1.0)
      method_source (~> 0.9.0)

PLATFORMS
  ruby

DEPENDENCIES
  highline
  lastpass
  pry

BUNDLED WITH
   1.16.1
